GEM
  remote: https://rubygems.org/
  specs:
    byebug (11.1.3)
    minitest (5.14.4)

PLATFORMS
  x86_64-linux

DEPENDENCIES
  byebug
  minitest

BUNDLED WITH
   2.2.11
